GEM
  remote: https://rubygems.org/
  specs:
    coderay (1.1.3)
    crass (1.0.6)
    feedjira (3.2.2)
      loofah (>= 2.3.1)
      sax-machine (>= 1.0)
    httparty (0.21.0)
      mini_mime (>= 1.0.0)
      multi_xml (>= 0.5.2)
    loofah (2.21.3)
      crass (~> 1.0.2)
      nokogiri (>= 1.12.0)
    method_source (1.0.0)
    mini_mime (1.1.2)
    multi_xml (0.6.0)
    nokogiri (1.15.4-x86_64-darwin)
      racc (~> 1.4)
    pry (0.14.2)
      coderay (~> 1.1)
      method_source (~> 1.0)
    racc (1.7.1)
    rack (3.0.8)
    rack-cors (1.1.1)
      rack (>= 2.0.0)
    sax-machine (1.3.2)

PLATFORMS
  x86_64-darwin-21

DEPENDENCIES
  feedjira
  httparty
  nokogiri
  pry
  rack-cors (~> 1.1, >= 1.1.1)

BUNDLED WITH
   2.2.3
